GEM
  remote: http://rubygems.org/
  specs:
    addressable (2.3.6)
    awesome_print (1.2.0)
    bloomfilter-rb (2.1.1)
      redis
    buftok (0.2.0)
    coderay (1.1.0)
    dotenv (1.0.2)
    engtagger (0.2.0)
    equalizer (0.0.9)
    eventmachine (1.0.3)
    excon (0.44.2)
    faraday (0.9.0)
      multipart-post (>= 1.2, < 3)
    fast-stemmer (1.0.2)
    gingerice (1.2.2)
      addressable
      awesome_print
    heroku (3.26.0)
      heroku-api (~> 0.3.19)
      launchy (>= 0.3.2)
      multi_json (~> 1.10.1)
      netrc (>= 0.10.0)
      rest-client (= 1.6.7)
      rubyzip (= 0.9.9)
    heroku-api (0.3.22)
      excon (~> 0.38)
      multi_json (~> 1.8)
    highscore (1.2.0)
      bloomfilter-rb (>= 2.1.1)
      whatlanguage (>= 1.0.0)
    htmlentities (4.3.2)
    http (0.6.3)
      http_parser.rb (~> 0.6.0)
    http_parser.rb (0.6.0)
    json (1.8.1)
    launchy (2.4.3)
      addressable (~> 2.3)
    memoizable (0.4.2)
      thread_safe (~> 0.3, >= 0.3.1)
    method_source (0.8.2)
    mime-types (2.4.3)
    multi_json (1.10.1)
    multipart-post (2.0.0)
    naught (1.0.0)
    netrc (0.10.2)
    pry (0.10.1)
      coderay (~> 1.1.0)
      method_source (~> 0.8.1)
      slop (~> 3.4)
    redis (3.1.0)
    rest-client (1.6.7)
      mime-types (>= 1.16)
    rubyzip (0.9.9)
    rufus-scheduler (3.0.9)
      tzinfo
    simple_oauth (0.3.0)
    slop (3.6.0)
    thread_safe (0.3.4)
    twitter (5.13.0)
      addressable (~> 2.3)
      buftok (~> 0.2.0)
      equalizer (~> 0.0.9)
      faraday (~> 0.9.0)
      http (~> 0.6.0)
      http_parser.rb (~> 0.6.0)
      json (~> 1.8)
      memoizable (~> 0.4.0)
      naught (~> 1.0)
      simple_oauth (~> 0.3.0)
    twitter_ebooks (3.0.0)
      engtagger
      eventmachine (~> 1.0.3)
      fast-stemmer
      gingerice
      highscore
      htmlentities
      pry
      rufus-scheduler
      simple_oauth
      twitter (~> 5.0)
    tzinfo (1.2.2)
      thread_safe (~> 0.1)
    whatlanguage (1.0.5)

PLATFORMS
  ruby

DEPENDENCIES
  dotenv
  heroku
  twitter_ebooks
